PATH
  remote: .
  specs:
    badass (0.4.1)
      authlogic (= 3.0.3)
      aws-s3 (= 0.6.2)
      bluecloth (= 2.0.11)
      grackle (= 0.1.10)
      gravatar (= 1.0)
      haml (~> 3.1.7)
      mysql2 (= 0.2.11)
      nokogiri (= 1.5.0)
      paperclip (= 2.3.11)
      rails (~> 3.0.12)
      rake (= 0.8.7)
      rakismet (= 0.4.2)
      sass (~> 3.1.2)
      will_paginate (= 2.3.15)

GEM
  remote: http://rubygems.org/
  specs:
    abstract (1.0.0)
    actionmailer (3.0.20)
      actionpack (= 3.0.20)
      mail (~> 2.2.19)
    actionpack (3.0.20)
      activemodel (= 3.0.20)
      activesupport (= 3.0.20)
      builder (~> 2.1.2)
      erubis (~> 2.6.6)
      i18n (~> 0.5.0)
      rack (~> 1.2.5)
      rack-mount (~> 0.6.14)
      rack-test (~> 0.5.7)
      tzinfo (~> 0.3.23)
    activemodel (3.0.20)
      activesupport (= 3.0.20)
      builder (~> 2.1.2)
      i18n (~> 0.5.0)
    activerecord (3.0.20)
      activemodel (= 3.0.20)
      activesupport (= 3.0.20)
      arel (~> 2.0.10)
      tzinfo (~> 0.3.23)
    activeresource (3.0.20)
      activemodel (= 3.0.20)
      activesupport (= 3.0.20)
    activesupport (3.0.20)
    arel (2.0.10)
    authlogic (3.0.3)
      activerecord (>= 3.0.7)
      activerecord (>= 3.0.7)
    aws-s3 (0.6.2)
      builder
      mime-types
      xml-simple
    bluecloth (2.0.11)
    builder (2.1.2)
    erubis (2.6.6)
      abstract (>= 1.0.0)
    grackle (0.1.10)
      json
      mime-types
      oauth
    gravatar (1.0)
    haml (3.1.8)
    i18n (0.5.3)
    json (1.8.1)
    mail (2.2.20)
      activesupport (>= 2.3.6)
      i18n (>= 0.4.0)
      mime-types (~> 1.16)
      treetop (~> 1.4.8)
    mime-types (1.25.1)
    mysql2 (0.2.11)
    nokogiri (1.5.0)
    oauth (0.4.7)
    paperclip (2.3.11)
      activerecord (>= 2.3.0)
      activesupport (>= 2.3.2)
    polyglot (0.3.4)
    rack (1.2.8)
    rack-mount (0.6.14)
      rack (>= 1.0.0)
    rack-test (0.5.7)
      rack (>= 1.0)
    rails (3.0.20)
      actionmailer (= 3.0.20)
      actionpack (= 3.0.20)
      activerecord (= 3.0.20)
      activeresource (= 3.0.20)
      activesupport (= 3.0.20)
      bundler (~> 1.0)
      railties (= 3.0.20)
    railties (3.0.20)
      actionpack (= 3.0.20)
      activesupport (= 3.0.20)
      rake (>= 0.8.7)
      rdoc (~> 3.4)
      thor (~> 0.14.4)
    rake (0.8.7)
    rakismet (0.4.2)
    rdoc (3.12.2)
      json (~> 1.4)
    sass (3.1.21)
    thor (0.14.6)
    treetop (1.4.15)
      polyglot
      polyglot (>= 0.3.1)
    tzinfo (0.3.38)
    will_paginate (2.3.15)
    xml-simple (1.1.3)

PLATFORMS
  ruby

DEPENDENCIES
  badass!
